GEM
  remote: http://rubygems.org/
  specs:
    thor (0.20.0)

PLATFORMS
  ruby

DEPENDENCIES
  thor (~> 0.20.0)

BUNDLED WITH
   1.14.6
